GEM
  remote: http://rubygems.org/
  specs:
    rack (1.2.2)
    rack-contrib (1.0.0)
      rack (>= 0.9.1)
    rack-rewrite (1.0.0)

PLATFORMS
  ruby

DEPENDENCIES
  rack-contrib (= 1.0)
  rack-rewrite (= 1.0)
